GEM
  remote: https://rubygems.org/
  specs:
    concurrent-ruby (1.2.3)
    google-protobuf (3.24.2-x86_64-linux)
    tzinfo (2.0.6)
      concurrent-ruby (~> 1.0)

GEM
  remote: https://gem.fury.io/ankithoney/
  specs:
    test-rubygem-bundler (0.2.0)

PLATFORMS
  ruby
  x86_64-linux

DEPENDENCIES
  test-rubygem-bundler (~> 0.2.0)!

BUNDLED WITH
   2.5.9
