GEM
  remote: https://gem.fury.io/ankithoney/
  specs:
    test-rubygem-bundler (0.1.0)

GEM
  remote: https://rubygems.org/
  specs:
    concurrent-ruby (1.2.3)
    google-protobuf (4.26.1-x86_64-linux)
      rake (>= 13)
    rake (13.2.1)
    tzinfo (2.0.6)
      concurrent-ruby (~> 1.0)

PLATFORMS
  x86_64-linux

DEPENDENCIES
  google-protobuf (~> 4.26.1)
  test-rubygem-bundler (~> 0.1.0)!
  tzinfo (~> 2.0)

BUNDLED WITH
   1.17.3
