GEM
  remote: https://rubygems.org/
  remote: https://gem.fury.io/ankithoney/
  specs:
    concurrent-ruby (1.2.3)
    google-protobuf (3.24.4)
    google-protobuf (3.24.4-x86_64-linux)
    test-rubygem-bundler (0.3.0)
    tzinfo (2.0.6)
      concurrent-ruby (~> 1.0)

PLATFORMS
  ruby
  x86_64-linux

DEPENDENCIES
  google-protobuf (~> 3.24.4)
  test-rubygem-bundler (~> 0.3.0)!
  tzinfo (~> 2.0)

BUNDLED WITH
   1.17.3
